GEM
  remote: https://rubygems.org/
  specs:
    byebug (11.1.1)
    graphql (1.10.5)

PLATFORMS
  ruby

DEPENDENCIES
  byebug
  graphql

BUNDLED WITH
   1.17.3
